PATH
  remote: .
  specs:
    jsl-identity (0.0.1)
      surrogate (~> 0.7.0)

GEM
  remote: https://rubygems.org/
  specs:
    surrogate (0.7.0)

PLATFORMS
  ruby

DEPENDENCIES
  jsl-identity!
