PATH
  remote: .
  specs:
    jsl-identity (1.1.3)
      surrogate (~> 0.7.0)

GEM
  remote: https://rubygems.org/
  specs:
    surrogate (0.7.0)

PLATFORMS
  ruby

DEPENDENCIES
  jsl-identity!

RUBY VERSION
   ruby 2.4.1p111

BUNDLED WITH
   1.16.1
