PATH
  remote: .
  specs:
    jsl-identity (0.0.7)
      surrogate (>= 0.7, < 0.9)

GEM
  remote: https://rubygems.org/
  specs:
    surrogate (0.8.1)

PLATFORMS
  ruby

DEPENDENCIES
  jsl-identity!
